GEM
  remote: https://rubygems.org/
  specs:
    cinch (2.0.9)
    gameidea (3.6.1)

PLATFORMS
  ruby

DEPENDENCIES
  cinch
  gameidea
